PATH
  remote: .
  specs:
    telesign_lib (0.0.12)
      faraday (~> 0.9.1)

GEM
  remote: https://rubygems.org/
  specs:
    addressable (2.3.7)
    coderay (1.1.0)
    crack (0.4.2)
      safe_yaml (~> 1.0.0)
    faraday (0.9.1)
      multipart-post (>= 1.2, < 3)
    ffi (1.9.8-java)
    json (1.8.1)
    json (1.8.1-java)
    method_source (0.8.2)
    mimic (0.4.3)
      json
      plist
      rack
      sinatra
    minitest (5.5.1)
    multipart-post (2.0.0)
    plist (3.1.0)
    pry (0.10.1)
      coderay (~> 1.1.0)
      method_source (~> 0.8.1)
      slop (~> 3.4)
    pry (0.10.1-java)
      coderay (~> 1.1.0)
      method_source (~> 0.8.1)
      slop (~> 3.4)
      spoon (~> 0.0)
    rack (1.5.2)
    rack-protection (1.5.2)
      rack
    rake (10.4.2)
    safe_yaml (1.0.4)
    sinatra (1.4.4)
      rack (~> 1.4)
      rack-protection (~> 1.4)
      tilt (~> 1.3, >= 1.3.4)
    slop (3.6.0)
    spoon (0.0.4)
      ffi
    tilt (1.4.1)
    webmock (1.20.4)
      addressable (>= 2.3.6)
      crack (>= 0.3.2)

PLATFORMS
  java
  ruby

DEPENDENCIES
  bundler (~> 1.3)
  mimic (~> 0.4.3)
  minitest (~> 5.5.1)
  pry (~> 0.10.1)
  rake (~> 10.4.2)
  telesign_lib!
  webmock (~> 1.20.4)
